PATH
  remote: .
  specs:
    ruby_doordash (0.1.0)
      faraday (~> 2.9)

GEM
  remote: https://rubygems.org/
  specs:
    faraday (2.9.0)
      faraday-net_http (>= 2.0, < 3.2)
    faraday-net_http (3.1.0)
      net-http
    minitest (5.22.3)
    net-http (0.4.1)
      uri
    rake (13.0.6)
    uri (0.13.0)

PLATFORMS
  x86_64-darwin-22
  x86_64-linux

DEPENDENCIES
  faraday (~> 2.9)
  minitest (~> 5.22.3)
  rake (~> 13.0)
  ruby_doordash!

BUNDLED WITH
   2.2.33
