PATH
  remote: .
  specs:
    ruby_doordash (0.1.0)
      faraday (~> 2.7)

GEM
  remote: https://rubygems.org/
  specs:
    faraday (2.7.9)
      faraday-net_http (>= 2.0, < 3.1)
      ruby2_keywords (>= 0.0.4)
    faraday-net_http (3.0.2)
    minitest (5.22.3)
    rake (13.0.6)
    ruby2_keywords (0.0.5)

PLATFORMS
  x86_64-darwin-22

DEPENDENCIES
  faraday (~> 2.7)
  minitest (~> 5.22.3)
  rake (~> 13.0)
  ruby_doordash!

BUNDLED WITH
   2.2.33
